GEM
  remote: https://rubygems.org/
  specs:
    activemodel (4.2.5)
      activesupport (= 4.2.5)
      builder (~> 3.1)
    activerecord (4.2.5)
      activemodel (= 4.2.5)
      activesupport (= 4.2.5)
      arel (~> 6.0)
    activesupport (4.2.5)
      i18n (~> 0.7)
      json (~> 1.7, >= 1.7.7)
      minitest (~> 5.1)
      thread_safe (~> 0.3, >= 0.3.4)
      tzinfo (~> 1.1)
    ansi (1.5.0)
    arel (6.0.3)
    better_errors (2.1.1)
      coderay (>= 1.0.0)
      erubis (>= 2.6.6)
      rack (>= 0.9.0)
    binding_of_caller (0.7.2)
      debug_inspector (>= 0.0.1)
    builder (3.2.2)
    coderay (1.1.0)
    debug_inspector (0.0.2)
    did_you_mean (0.10.0)
      interception
    enumerable-lazy (0.0.1)
    erubis (2.7.0)
    ffi (1.9.10)
    formatador (0.2.5)
    guard (2.13.0)
      formatador (>= 0.2.4)
      listen (>= 2.7, <= 4.0)
      lumberjack (~> 1.0)
      nenv (~> 0.1)
      notiffany (~> 0.0)
      pry (>= 0.9.12)
      shellany (~> 0.0)
      thor (>= 0.18.1)
    guard-compat (1.2.1)
    guard-minitest (2.4.4)
      guard-compat (~> 1.2)
      minitest (>= 3.0)
    haml (4.0.7)
      tilt
    i18n (0.7.0)
    interception (0.5)
    json (1.8.3)
    listen (3.0.5)
      rb-fsevent (>= 0.9.3)
      rb-inotify (>= 0.9)
    lumberjack (1.0.9)
    mail (2.5.4)
      mime-types (~> 1.16)
      treetop (~> 1.4.8)
    method_source (0.8.2)
    mime-types (1.25.1)
    minitest (5.8.3)
    minitest-reporters (1.1.4)
      ansi
      builder
      minitest (>= 5.0)
      ruby-progressbar
    moneta (0.7.20)
    mustermann19 (0.4.0)
      enumerable-lazy
    nenv (0.2.0)
    notiffany (0.0.8)
      nenv (~> 0.1)
      shellany (~> 0.0)
    padrino (0.13.0)
      padrino-admin (= 0.13.0)
      padrino-cache (= 0.13.0)
      padrino-core (= 0.13.0)
      padrino-gen (= 0.13.0)
      padrino-helpers (= 0.13.0)
      padrino-mailer (= 0.13.0)
      padrino-support (= 0.13.0)
    padrino-admin (0.13.0)
      padrino-core (= 0.13.0)
      padrino-helpers (= 0.13.0)
    padrino-cache (0.13.0)
      moneta (~> 0.7.0)
      padrino-core (= 0.13.0)
      padrino-helpers (= 0.13.0)
    padrino-core (0.13.0)
      activesupport (>= 3.1)
      mustermann19
      padrino-support (= 0.13.0)
      rack-protection (>= 1.5.0)
      sinatra (~> 1.4.6)
      thor (~> 0.18)
    padrino-gen (0.13.0)
      bundler (~> 1.0)
      padrino-core (= 0.13.0)
    padrino-helpers (0.13.0)
      i18n (~> 0.6, >= 0.6.7)
      padrino-support (= 0.13.0)
      tilt (~> 1.4.1)
    padrino-mailer (0.13.0)
      mail (~> 2.5.3)
      padrino-core (= 0.13.0)
    padrino-support (0.13.0)
      activesupport (>= 3.1)
    pg (0.18.4)
    polyglot (0.3.5)
    pry (0.10.3)
      coderay (~> 1.1.0)
      method_source (~> 0.8.1)
      slop (~> 3.4)
    pry-padrino (0.1.2)
      pry (>= 0.8)
    rack (1.6.4)
    rack-protection (1.5.3)
      rack
    rack-test (0.6.3)
      rack (>= 1.0)
    rake (10.4.2)
    rb-fsevent (0.9.6)
    rb-inotify (0.9.5)
      ffi (>= 0.5.0)
    ruby-progressbar (1.7.5)
    shellany (0.0.1)
    sinatra (1.4.6)
      rack (~> 1.4)
      rack-protection (~> 1.4)
      tilt (>= 1.3, < 3)
    slop (3.6.0)
    terminal-notifier-guard (1.6.4)
    thor (0.19.1)
    thread_safe (0.3.5)
    tilt (1.4.1)
    treetop (1.4.15)
      polyglot
      polyglot (>= 0.3.1)
    tzinfo (1.2.2)
      thread_safe (~> 0.1)

PLATFORMS
  ruby

DEPENDENCIES
  activerecord (>= 3.1)
  better_errors
  binding_of_caller
  did_you_mean
  guard
  guard-minitest
  haml
  minitest
  minitest-reporters
  padrino (= 0.13.0)
  pg
  pry
  pry-padrino
  rack-test
  rake
  rb-fsevent
  terminal-notifier-guard

BUNDLED WITH
   1.10.6
